PATH
  remote: .
  specs:
    rabbitmq_pub_sub (0.1.0)
      bunny

GEM
  remote: https://rubygems.org/
  specs:
    amq-protocol (2.3.1)
    bunny (2.15.0)
      amq-protocol (~> 2.3, >= 2.3.1)
    diff-lcs (1.3)
    rake (12.3.3)
    rspec (3.9.0)
      rspec-core (~> 3.9.0)
      rspec-expectations (~> 3.9.0)
      rspec-mocks (~> 3.9.0)
    rspec-core (3.9.1)
      rspec-support (~> 3.9.1)
    rspec-expectations (3.9.1)
      diff-lcs (>= 1.2.0, < 2.0)
      rspec-support (~> 3.9.0)
    rspec-mocks (3.9.1)
      diff-lcs (>= 1.2.0, < 2.0)
      rspec-support (~> 3.9.0)
    rspec-support (3.9.2)

PLATFORMS
  ruby

DEPENDENCIES
  rabbitmq_pub_sub!
  rake (~> 12.0)
  rspec (~> 3.2)

BUNDLED WITH
   2.1.4
